PATH
  remote: gem
  specs:
    textmate_grammar (0.0.0)

GEM
  remote: http://rubygems.org/
  specs:
    deep_clone (0.0.1)

PLATFORMS
  ruby

DEPENDENCIES
  deep_clone
  textmate_grammar!

BUNDLED WITH
   2.1.4
